GEM
  remote: https://rubygems.org/
  specs:
    tabulo (2.0.2)
      tty-screen (= 0.7.0)
      unicode-display_width (= 1.6.0)
    thor (0.20.3)
    tty-screen (0.7.0)
    unicode-display_width (1.6.0)

PLATFORMS
  ruby

DEPENDENCIES
  tabulo
  thor

BUNDLED WITH
   2.0.1
